PATH
  remote: .
  specs:
    zway (0.1.3)

GEM
  remote: https://rubygems.org/
  specs:
    diff-lcs (1.4.4)
    io-console (0.5.6)
    irb (1.2.7)
      reline (>= 0.1.5)
    rake (10.5.0)
    reline (0.1.6)
      io-console (~> 0.5)
    rspec (3.9.0)
      rspec-core (~> 3.9.0)
      rspec-expectations (~> 3.9.0)
      rspec-mocks (~> 3.9.0)
    rspec-core (3.9.2)
      rspec-support (~> 3.9.3)
    rspec-expectations (3.9.2)
      diff-lcs (>= 1.2.0, < 2.0)
      rspec-support (~> 3.9.0)
    rspec-mocks (3.9.1)
      diff-lcs (>= 1.2.0, < 2.0)
      rspec-support (~> 3.9.0)
    rspec-support (3.9.3)

PLATFORMS
  ruby

DEPENDENCIES
  bundler (~> 1.17)
  irb
  rake (~> 10.0)
  reline (= 0.1.6)
  rspec (~> 3.0)
  zway!

BUNDLED WITH
   1.17.3
